PATH
  remote: .
  specs:
    azure (0.1.0)
      mime-types (~> 1.0)
      nokogiri (~> 1.5)
      ratom (~> 0.6)
      uuid (~> 2.0)

GEM
  remote: http://rubygems.org/
  specs:
    em-minitest-spec (1.1.1)
      eventmachine
    eventmachine (0.12.10)
    libxml-ruby (2.3.2)
    macaddr (1.6.1)
      systemu (~> 2.5.0)
    mime-types (1.18)
    minitest (3.1.0)
    nokogiri (1.5.4)
    rake (0.9.2.2)
    ratom (0.7.0)
      libxml-ruby (~> 2.3.2)
    systemu (2.5.1)
    uuid (2.3.5)
      macaddr (~> 1.0)

PLATFORMS
  ruby

DEPENDENCIES
  azure!
  em-minitest-spec
  minitest (~> 3.0)
  rake
